PATH
  remote: .
  specs:
    lockable (0.0.1.alpha)
      daemons

GEM
  remote: http://rubygems.org/
  specs:
    coderay (1.0.5)
    daemons (1.1.8)
    diff-lcs (1.1.3)
    method_source (0.7.0)
    pry (0.9.8.2)
      coderay (~> 1.0.5)
      method_source (~> 0.7)
      slop (>= 2.4.4, < 3)
    rspec (2.8.0)
      rspec-core (~> 2.8.0)
      rspec-expectations (~> 2.8.0)
      rspec-mocks (~> 2.8.0)
    rspec-core (2.8.0)
    rspec-expectations (2.8.0)
      diff-lcs (~> 1.1.2)
    rspec-mocks (2.8.0)
    slop (2.4.4)
    wirble (0.1.3)

PLATFORMS
  ruby

DEPENDENCIES
  lockable!
  pry
  rspec
  wirble
